GEM
  remote: http://rubygems.org/
  specs:
    ZenTest (4.8.1)
    activerecord (2.3.8)
      activesupport (= 2.3.8)
    activesupport (2.3.8)
    addressable (2.2.8)
    bson (1.0.9)
    builder (3.0.0)
    columnize (0.3.6)
    couch_potato (0.3.0)
      couchrest (>= 0.24)
      json
    couchrest (1.1.2)
      mime-types (~> 1.15)
      multi_json (~> 1.0.0)
      rest-client (~> 1.6.1)
    cucumber (1.2.1)
      builder (>= 2.1.2)
      diff-lcs (>= 1.1.3)
      gherkin (~> 2.11.0)
      json (>= 1.4.6)
    data_objects (0.10.8)
      addressable (~> 2.1)
    datamapper (1.0.0)
      dm-aggregates (= 1.0.0)
      dm-constraints (= 1.0.0)
      dm-core (= 1.0.0)
      dm-core (= 1.0.0)
      dm-migrations (= 1.0.0)
      dm-serializer (= 1.0.0)
      dm-timestamps (= 1.0.0)
      dm-transactions (= 1.0.0)
      dm-types (= 1.0.0)
      dm-validations (= 1.0.0)
    diff-lcs (1.1.3)
    dm-aggregates (1.0.0)
      dm-core (~> 1.0.0)
    dm-constraints (1.0.0)
      dm-core (~> 1.0.0)
      dm-migrations (~> 1.0.0)
    dm-core (1.0.0)
      addressable (~> 2.1)
      extlib (~> 0.9.15)
    dm-do-adapter (1.0.0)
      data_objects (~> 0.10.1)
      dm-core (~> 1.0.0)
    dm-migrations (1.0.0)
      dm-core (~> 1.0.0)
    dm-serializer (1.0.0)
      dm-core (~> 1.0.0)
      fastercsv (~> 1.5.3)
      json_pure (~> 1.4.3)
    dm-sqlite-adapter (1.0.0)
      dm-do-adapter (~> 1.0.0)
      do_sqlite3 (~> 0.10.2)
    dm-timestamps (1.0.0)
      dm-core (~> 1.0.0)
    dm-transactions (1.0.0)
      dm-core (~> 1.0.0)
    dm-types (1.0.0)
      dm-core (~> 1.0.0)
      fastercsv (~> 1.5.3)
      json_pure (~> 1.4.3)
      stringex (~> 1.1.0)
      uuidtools (~> 2.1.1)
    dm-validations (1.0.0)
      dm-core (~> 1.0.0)
    do_sqlite3 (0.10.8)
      data_objects (= 0.10.8)
    durran-validatable (2.0.1)
    extlib (0.9.15)
    fastercsv (1.5.5)
    gherkin (2.11.1)
      json (>= 1.4.6)
    git (1.2.5)
    jeweler (1.8.4)
      bundler (~> 1.0)
      git (>= 1.2.5)
      rake
      rdoc
    jnunemaker-validatable (1.8.4)
      activesupport (>= 2.3.4)
    json (1.7.3)
    json_pure (1.4.6)
    linecache (0.46)
      rbx-require-relative (> 0.0.4)
    mime-types (1.19)
    mongo (1.0.9)
      bson (>= 1.0.5)
    mongo_mapper (0.8.2)
      activesupport (>= 2.3.4)
      jnunemaker-validatable (~> 1.8.4)
      plucky (~> 0.3.1)
    mongoid (1.9.1)
      activesupport (<= 3.0.0)
      bson (~> 1.0.1)
      durran-validatable (>= 2.0.1)
      mongo (~> 1.0.1)
      will_paginate (< 2.9)
    multi_json (1.0.4)
    mysql (2.8.1)
    mysql2 (0.2.18)
    pg (0.14.0)
    plucky (0.3.5)
      mongo (~> 1.0.8)
    rake (0.9.2.2)
    rbx-require-relative (0.0.9)
    rcov (1.0.0)
    rdoc (3.12)
      json (~> 1.4)
    rest-client (1.6.7)
      mime-types (>= 1.16)
    rspactor (0.6.4)
    rspec (2.1.0)
      rspec-core (~> 2.1.0)
      rspec-expectations (~> 2.1.0)
      rspec-mocks (~> 2.1.0)
    rspec-core (2.1.0)
    rspec-expectations (2.1.0)
      diff-lcs (~> 1.1.2)
    rspec-mocks (2.1.0)
    rspec-rails (2.1.0)
      rspec (~> 2.1.0)
    ruby-debug (0.10.4)
      columnize (>= 0.1)
      ruby-debug-base (~> 0.10.4.0)
    ruby-debug-base (0.10.4)
      linecache (>= 0.3)
    sequel (3.21.0)
    sqlite3 (1.3.6)
    sqlite3-ruby (1.3.3)
      sqlite3 (>= 1.3.3)
    stringex (1.1.0)
    tzinfo (0.3.22)
    uuidtools (2.1.2)
    will_paginate (2.3.16)

PLATFORMS
  ruby

DEPENDENCIES
  ZenTest
  activerecord (= 2.3.8)
  bundler
  couch_potato (= 0.3.0)
  cucumber
  datamapper (= 1.0.0)
  dm-migrations (= 1.0.0)
  dm-sqlite-adapter (= 1.0.0)
  jeweler
  json_pure
  mongo_mapper (= 0.8.2)
  mongoid (= 1.9.1)
  mysql
  mysql2 (~> 0.2.0)
  pg
  rake
  rcov
  rspactor
  rspec-rails
  ruby-debug
  sequel (~> 3.21.0)
  sqlite3-ruby
  tzinfo (= 0.3.22)
