PATH
  remote: .
  specs:
    database_cleaner (1.8.0)

PATH
  remote: adapters
  specs:
    database_cleaner-active_record (1.8.0)
      activerecord
      database_cleaner (~> 1.8.0)
    database_cleaner-couch_potato (1.8.0)
      couch_potato
      database_cleaner (~> 1.8.0)
    database_cleaner-data_mapper (1.8.0)
      database_cleaner (~> 1.8.0)
      datamapper
    database_cleaner-mongo (1.8.0)
      database_cleaner (~> 1.8.0)
      mongo
    database_cleaner-mongo_mapper (0.1.0)
      database_cleaner (~> 1.8.0)
      mongo_mapper
    database_cleaner-mongoid (1.8.0)
      database_cleaner (~> 1.8.0)
      database_cleaner-mongo (~> 1.8.0)
      mongoid
    database_cleaner-moped (1.8.0)
      database_cleaner (~> 1.8.0)
      moped
    database_cleaner-neo4j (1.8.0)
      database_cleaner (~> 1.8.0)
      neo4j-core

GEM
  remote: https://rubygems.org/
  specs:
    activemodel (3.0.0)
      activesupport (= 3.0.0)
      builder (~> 2.1.2)
      i18n (~> 0.4.1)
    activerecord (3.0.0)
      activemodel (= 3.0.0)
      activesupport (= 3.0.0)
      arel (~> 1.0.0)
      tzinfo (~> 0.3.23)
    activerecord-mysql2-adapter (0.0.3)
      mysql2
    activesupport (3.0.0)
    addressable (2.3.6)
    arel (1.0.1)
      activesupport (~> 3.0.0)
    bcrypt (3.1.7)
    bcrypt (3.1.7-java)
    bcrypt-ruby (3.1.5)
      bcrypt (>= 3.1.3)
    bcrypt-ruby (3.1.5-java)
      bcrypt (>= 3.1.3)
    bson (1.12.5)
    bson (1.12.5-java)
    bson_ext (1.12.5)
      bson (~> 1.12.5)
    builder (2.1.2)
    coderay (1.1.2)
    couch_potato (1.3.0)
      activemodel
      couchrest (~> 1.2.0)
      json (~> 1.6)
    couchrest (1.2.1)
      mime-types (>= 1.15)
      multi_json (~> 1.7, ~> 1.0)
      rest-client (~> 1.8.0)
    cucumber (1.2.1)
      builder (>= 2.1.2)
      diff-lcs (>= 1.1.3)
      gherkin (~> 2.11.0)
      json (>= 1.4.6)
    data_objects (0.10.14)
      addressable (~> 2.1)
    datamapper (1.2.0)
      dm-aggregates (~> 1.2.0)
      dm-constraints (~> 1.2.0)
      dm-core (~> 1.2.0)
      dm-migrations (~> 1.2.0)
      dm-serializer (~> 1.2.0)
      dm-timestamps (~> 1.2.0)
      dm-transactions (~> 1.2.0)
      dm-types (~> 1.2.0)
      dm-validations (~> 1.2.0)
    diff-lcs (1.3)
    dm-aggregates (1.2.0)
      dm-core (~> 1.2.0)
    dm-constraints (1.2.0)
      dm-core (~> 1.2.0)
    dm-core (1.2.1)
      addressable (~> 2.3)
    dm-do-adapter (1.2.0)
      data_objects (~> 0.10.6)
      dm-core (~> 1.2.0)
    dm-migrations (1.2.0)
      dm-core (~> 1.2.0)
    dm-serializer (1.2.2)
      dm-core (~> 1.2.0)
      fastercsv (~> 1.5)
      json (~> 1.6)
      json_pure (~> 1.6)
      multi_json (~> 1.0)
    dm-sqlite-adapter (1.2.0)
      dm-do-adapter (~> 1.2.0)
      do_sqlite3 (~> 0.10.6)
    dm-timestamps (1.2.0)
      dm-core (~> 1.2.0)
    dm-transactions (1.2.0)
      dm-core (~> 1.2.0)
    dm-types (1.2.2)
      bcrypt-ruby (~> 3.0)
      dm-core (~> 1.2.0)
      fastercsv (~> 1.5)
      json (~> 1.6)
      multi_json (~> 1.0)
      stringex (~> 1.4)
      uuidtools (~> 2.1)
    dm-validations (1.2.0)
      dm-core (~> 1.2.0)
    do_jdbc (0.10.14-java)
      data_objects (= 0.10.14)
    do_sqlite3 (0.10.14)
      data_objects (= 0.10.14)
    do_sqlite3 (0.10.14-java)
      data_objects (= 0.10.14)
      do_jdbc (= 0.10.14)
      jdbc-sqlite3 (>= 3.5.8)
    domain_name (0.5.20180417)
      unf (>= 0.0.5, < 1.0.0)
    faraday (0.9.0)
      multipart-post (>= 1.2, < 3)
    faraday_middleware (0.9.1)
      faraday (>= 0.7.4, < 0.10)
    fastercsv (1.5.5)
    ffi (1.9.25)
    ffi (1.9.25-java)
    formatador (0.2.5)
    gherkin (2.11.6)
      json (>= 1.7.6)
    gherkin (2.11.6-java)
      json (>= 1.7.6)
    guard (2.14.2)
      formatador (>= 0.2.4)
      listen (>= 2.7, < 4.0)
      lumberjack (>= 1.0.12, < 2.0)
      nenv (~> 0.1)
      notiffany (~> 0.0)
      pry (>= 0.9.12)
      shellany (~> 0.0)
      thor (>= 0.18.1)
    guard-compat (1.2.1)
    guard-rspec (4.7.3)
      guard (~> 2.1)
      guard-compat (~> 1.1)
      rspec (>= 2.99.0, < 4.0)
    http-cookie (1.0.3)
      domain_name (~> 0.5)
    httparty (0.13.3)
      json (~> 1.8)
      multi_xml (>= 0.5.2)
    httpclient (2.5.3.3)
    i18n (0.4.2)
    jdbc-sqlite3 (3.8.10.1)
    json (1.8.6)
    json (1.8.6-java)
    json_pure (1.8.1)
    listen (3.0.8)
      rb-fsevent (~> 0.9, >= 0.9.4)
      rb-inotify (~> 0.9, >= 0.9.7)
    lumberjack (1.0.13)
    method_source (0.9.0)
    mime-types (2.99.3)
    mongo (1.12.5)
      bson (= 1.12.5)
    mongo_ext (0.19.3)
    mongo_mapper (0.12.0)
      activemodel (~> 3.0)
      activesupport (~> 3.0)
      plucky (~> 0.5.2)
    mongoid (2.2.6)
      activemodel (~> 3.0.0)
      mongo (~> 1.3)
      tzinfo (~> 0.3.22)
    mongoid-tree (0.7.0)
      mongoid (~> 2.0)
    moped (1.5.2)
    multi_json (1.13.1)
    multi_xml (0.5.5)
    multipart-post (2.0.0)
    mysql (2.9.1)
    mysql2 (0.3.18)
    nenv (0.3.0)
    neo4j-community (2.1.5)
    neo4j-core (3.0.8)
      activesupport
      faraday (~> 0.9.0)
      faraday_middleware (~> 0.9.1)
      httparty
      httpclient
      json
      neo4j-community (~> 2.1.1)
      net-http-persistent
      os
      zip
    nest (1.1.2)
      redis
    net-http-persistent (2.9.4)
    netrc (0.11.0)
    notiffany (0.1.1)
      nenv (~> 0.1)
      shellany (~> 0.0)
    ohm (0.1.5)
      nest (~> 1.0)
    os (0.9.6)
    pg (0.18.2)
    plucky (0.5.2)
      mongo (~> 1.5)
    pry (0.11.3)
      coderay (~> 1.1.0)
      method_source (~> 0.9.0)
    pry (0.11.3-java)
      coderay (~> 1.1.0)
      method_source (~> 0.9.0)
      spoon (~> 0.0)
    rake (11.1.2)
    rb-fsevent (0.10.3)
    rb-inotify (0.9.10)
      ffi (>= 0.5.0, < 2)
    redis (3.1.0)
    rest-client (1.8.0)
      http-cookie (>= 1.0.2, < 2.0)
      mime-types (>= 1.16, < 3.0)
      netrc (~> 0.7)
    rspec (3.7.0)
      rspec-core (~> 3.7.0)
      rspec-expectations (~> 3.7.0)
      rspec-mocks (~> 3.7.0)
    rspec-core (3.7.1)
      rspec-support (~> 3.7.0)
    rspec-expectations (3.7.0)
      diff-lcs (>= 1.2.0, < 2.0)
      rspec-support (~> 3.7.0)
    rspec-mocks (3.7.0)
      diff-lcs (>= 1.2.0, < 2.0)
      rspec-support (~> 3.7.0)
    rspec-support (3.7.1)
    sequel (3.21.0)
    shellany (0.0.1)
    spoon (0.0.6)
      ffi
    sqlite3 (1.3.10)
    stringex (1.5.1)
    thor (0.20.0)
    tzinfo (0.3.48)
    unf (0.1.4)
      unf_ext
    unf (0.1.4-java)
    unf_ext (0.0.7.5)
    uuidtools (2.1.5)
    zip (2.0.2)

PLATFORMS
  java
  ruby

DEPENDENCIES
  activerecord
  activerecord-mysql2-adapter
  bson_ext
  bundler
  couch_potato
  cucumber
  database_cleaner!
  database_cleaner-active_record!
  database_cleaner-couch_potato!
  database_cleaner-data_mapper!
  database_cleaner-mongo!
  database_cleaner-mongo_mapper!
  database_cleaner-mongoid!
  database_cleaner-moped!
  database_cleaner-neo4j!
  datamapper
  dm-migrations
  dm-sqlite-adapter
  guard-rspec
  json_pure
  listen (~> 3.0.0)
  mongo (~> 1.12.0)
  mongo_ext
  mongo_mapper
  mongoid
  mongoid-tree
  moped
  mysql (~> 2.9.1)
  mysql2
  neo4j-core
  ohm (~> 0.1.3)
  pg
  rake
  rspec
  sequel (~> 3.21.0)
  sqlite3
  tzinfo

BUNDLED WITH
   1.17.1
