PATH
  remote: ../..
  specs:
    database_cleaner (1.8.0)

PATH
  remote: ..
  specs:
    database_cleaner-redis (1.8.0)
      database_cleaner (~> 1.8.0)
      redis

PATH
  remote: .
  specs:
    database_cleaner-ohm (1.8.0)
      database_cleaner (~> 1.8.0)
      database_cleaner-redis (~> 1.8.0)
      ohm

GEM
  remote: https://rubygems.org/
  specs:
    diff-lcs (1.3)
    nest (1.1.2)
      redis
    ohm (0.1.5)
      nest (~> 1.0)
    rake (10.4.2)
    redis (3.1.0)
    rspec (3.7.0)
      rspec-core (~> 3.7.0)
      rspec-expectations (~> 3.7.0)
      rspec-mocks (~> 3.7.0)
    rspec-core (3.7.1)
      rspec-support (~> 3.7.0)
    rspec-expectations (3.7.0)
      diff-lcs (>= 1.2.0, < 2.0)
      rspec-support (~> 3.7.0)
    rspec-mocks (3.7.0)
      diff-lcs (>= 1.2.0, < 2.0)
      rspec-support (~> 3.7.0)
    rspec-support (3.7.1)

PLATFORMS
  ruby

DEPENDENCIES
  bundler (~> 1.16)
  database_cleaner!
  database_cleaner-ohm!
  database_cleaner-redis!
  rake (~> 10.0)
  rspec (~> 3.0)

BUNDLED WITH
   1.16.1
