PATH
  remote: ../..
  specs:
    database_cleaner (1.8.0)

PATH
  remote: .
  specs:
    database_cleaner-neo4j (1.8.0)
      database_cleaner (~> 1.8.0)
      neo4j-core

GEM
  remote: https://rubygems.org/
  specs:
    activesupport (3.0.0)
    diff-lcs (1.3)
    faraday (0.9.0)
      multipart-post (>= 1.2, < 3)
    faraday_middleware (0.9.1)
      faraday (>= 0.7.4, < 0.10)
    httparty (0.13.3)
      json (~> 1.8)
      multi_xml (>= 0.5.2)
    httpclient (2.5.3.3)
    json (1.8.6)
    multi_xml (0.5.5)
    multipart-post (2.0.0)
    neo4j-community (2.1.5)
    neo4j-core (3.0.8)
      activesupport
      faraday (~> 0.9.0)
      faraday_middleware (~> 0.9.1)
      httparty
      httpclient
      json
      neo4j-community (~> 2.1.1)
      net-http-persistent
      os
      zip
    net-http-persistent (2.9.4)
    os (0.9.6)
    rake (10.4.2)
    rspec (3.7.0)
      rspec-core (~> 3.7.0)
      rspec-expectations (~> 3.7.0)
      rspec-mocks (~> 3.7.0)
    rspec-core (3.7.1)
      rspec-support (~> 3.7.0)
    rspec-expectations (3.7.0)
      diff-lcs (>= 1.2.0, < 2.0)
      rspec-support (~> 3.7.0)
    rspec-mocks (3.7.0)
      diff-lcs (>= 1.2.0, < 2.0)
      rspec-support (~> 3.7.0)
    rspec-support (3.7.1)
    zip (2.0.2)

PLATFORMS
  ruby

DEPENDENCIES
  bundler (~> 1.16)
  database_cleaner!
  database_cleaner-neo4j!
  rake (~> 10.0)
  rspec (~> 3.0)

BUNDLED WITH
   1.16.1
