PATH
  remote: ../..
  specs:
    database_cleaner (1.8.0)

PATH
  remote: ..
  specs:
    database_cleaner-mongo (1.8.0)
      database_cleaner (~> 1.8.0)
      mongo

PATH
  remote: .
  specs:
    database_cleaner-mongoid (1.8.0)
      database_cleaner (~> 1.8.0)
      database_cleaner-mongo (~> 1.8.0)
      mongoid

GEM
  remote: https://rubygems.org/
  specs:
    activemodel (3.0.0)
      activesupport (= 3.0.0)
      builder (~> 2.1.2)
      i18n (~> 0.4.1)
    activesupport (3.0.0)
    bson (1.12.5)
    builder (2.1.2)
    diff-lcs (1.3)
    i18n (0.4.2)
    mongo (1.12.5)
      bson (= 1.12.5)
    mongoid (2.2.6)
      activemodel (~> 3.0.0)
      mongo (~> 1.3)
      tzinfo (~> 0.3.22)
    rake (10.4.2)
    rspec (3.7.0)
      rspec-core (~> 3.7.0)
      rspec-expectations (~> 3.7.0)
      rspec-mocks (~> 3.7.0)
    rspec-core (3.7.1)
      rspec-support (~> 3.7.0)
    rspec-expectations (3.7.0)
      diff-lcs (>= 1.2.0, < 2.0)
      rspec-support (~> 3.7.0)
    rspec-mocks (3.7.0)
      diff-lcs (>= 1.2.0, < 2.0)
      rspec-support (~> 3.7.0)
    rspec-support (3.7.1)
    tzinfo (0.3.48)

PLATFORMS
  ruby

DEPENDENCIES
  bundler (~> 1.16)
  database_cleaner!
  database_cleaner-mongo!
  database_cleaner-mongoid!
  rake (~> 10.0)
  rspec (~> 3.0)

BUNDLED WITH
   1.17.2
