PATH
  remote: ../..
  specs:
    database_cleaner (1.8.0)

PATH
  remote: .
  specs:
    database_cleaner-mongo (1.8.0)
      database_cleaner (~> 1.8.0)
      mongo

GEM
  remote: https://rubygems.org/
  specs:
    bson (1.12.5)
    diff-lcs (1.3)
    mongo (1.12.5)
      bson (= 1.12.5)
    rake (10.4.2)
    rspec (3.7.0)
      rspec-core (~> 3.7.0)
      rspec-expectations (~> 3.7.0)
      rspec-mocks (~> 3.7.0)
    rspec-core (3.7.1)
      rspec-support (~> 3.7.0)
    rspec-expectations (3.7.0)
      diff-lcs (>= 1.2.0, < 2.0)
      rspec-support (~> 3.7.0)
    rspec-mocks (3.7.0)
      diff-lcs (>= 1.2.0, < 2.0)
      rspec-support (~> 3.7.0)
    rspec-support (3.7.1)

PLATFORMS
  ruby

DEPENDENCIES
  bundler (~> 1.16)
  database_cleaner!
  database_cleaner-mongo!
  rake (~> 10.0)
  rspec (~> 3.0)

BUNDLED WITH
   1.17.2
