PATH
  remote: ../..
  specs:
    database_cleaner (1.8.0)

PATH
  remote: .
  specs:
    database_cleaner-sequel (1.8.0)
      database_cleaner (~> 1.8.0)
      sequel

GEM
  remote: https://rubygems.org/
  specs:
    diff-lcs (1.3)
    mysql (2.9.1)
    mysql2 (0.3.18)
    pg (0.18.2)
    rake (10.4.2)
    rspec (3.7.0)
      rspec-core (~> 3.7.0)
      rspec-expectations (~> 3.7.0)
      rspec-mocks (~> 3.7.0)
    rspec-core (3.7.1)
      rspec-support (~> 3.7.0)
    rspec-expectations (3.7.0)
      diff-lcs (>= 1.2.0, < 2.0)
      rspec-support (~> 3.7.0)
    rspec-mocks (3.7.0)
      diff-lcs (>= 1.2.0, < 2.0)
      rspec-support (~> 3.7.0)
    rspec-support (3.7.1)
    sequel (3.21.0)
    sqlite3 (1.3.10)

PLATFORMS
  ruby

DEPENDENCIES
  bundler (~> 1.16)
  database_cleaner!
  database_cleaner-sequel!
  mysql (~> 2.9.1)
  mysql2
  pg
  rake (~> 10.0)
  rspec (~> 3.0)
  sqlite3

BUNDLED WITH
   1.16.1
