PATH
  remote: ../..
  specs:
    database_cleaner (1.8.0)

PATH
  remote: .
  specs:
    database_cleaner-active_record (1.8.0)
      activerecord
      database_cleaner (~> 1.8.0)

GEM
  remote: https://rubygems.org/
  specs:
    activemodel (3.0.0)
      activesupport (= 3.0.0)
      builder (~> 2.1.2)
      i18n (~> 0.4.1)
    activerecord (3.0.0)
      activemodel (= 3.0.0)
      activesupport (= 3.0.0)
      arel (~> 1.0.0)
      tzinfo (~> 0.3.23)
    activerecord-mysql2-adapter (0.0.3)
      mysql2
    activesupport (3.0.0)
    arel (1.0.1)
      activesupport (~> 3.0.0)
    builder (2.1.2)
    diff-lcs (1.3)
    i18n (0.4.2)
    mysql (2.9.1)
    mysql2 (0.3.18)
    pg (0.18.2)
    rake (10.4.2)
    rspec (3.7.0)
      rspec-core (~> 3.7.0)
      rspec-expectations (~> 3.7.0)
      rspec-mocks (~> 3.7.0)
    rspec-core (3.7.1)
      rspec-support (~> 3.7.0)
    rspec-expectations (3.7.0)
      diff-lcs (>= 1.2.0, < 2.0)
      rspec-support (~> 3.7.0)
    rspec-mocks (3.7.0)
      diff-lcs (>= 1.2.0, < 2.0)
      rspec-support (~> 3.7.0)
    rspec-support (3.7.1)
    sqlite3 (1.3.10)
    tzinfo (0.3.48)

PLATFORMS
  ruby

DEPENDENCIES
  activerecord-mysql2-adapter
  bundler (~> 1.16)
  database_cleaner!
  database_cleaner-active_record!
  mysql (~> 2.9.1)
  mysql2
  pg
  rake (~> 10.0)
  rspec (~> 3.0)
  sqlite3

BUNDLED WITH
   1.17.2
